PATH
  remote: .
  specs:
    refactoring-ruby-chap9 (0.1.0)

GEM
  remote: https://rubygems.org/
  specs:
    minitest (5.14.2)
    rake (10.5.0)

PLATFORMS
  ruby

DEPENDENCIES
  bundler (~> 1.17)
  minitest (~> 5.0)
  rake (~> 10.0)
  refactoring-ruby-chap9!

RUBY VERSION
   ruby 2.6.3p62

BUNDLED WITH
   1.17.2
